GEM
  remote: http://rubygems.org/
  specs:
    dalli (2.6.4)
    dotenv (2.1.1)
    erubis (2.7.0)
    foreman (0.63.0)
      dotenv (>= 0.7)
      thor (>= 0.13.6)
    hiredis (0.6.1)
    json (1.8.3)
    kgio (2.10.0)
    mysql2 (0.4.4)
    mysql2-cs-bind (0.0.6)
      mysql2
    rack (1.6.4)
    rack-protection (1.5.3)
      rack
    raindrops (0.16.0)
    redis (3.3.0)
    shotgun (0.9.1)
      rack (>= 1.0)
    sinatra (1.4.3)
      rack (~> 1.4)
      rack-protection (~> 1.4)
      tilt (~> 1.3, >= 1.3.4)
    thor (0.19.1)
    tilt (1.4.1)
    unicorn (4.6.3)
      kgio (~> 2.6)
      rack
      raindrops (~> 0.7)

PLATFORMS
  ruby

DEPENDENCIES
  dalli (= 2.6.4)
  erubis (= 2.7.0)
  foreman (= 0.63.0)
  hiredis
  json
  mysql2
  mysql2-cs-bind (= 0.0.6)
  redis
  shotgun
  sinatra (= 1.4.3)
  unicorn (= 4.6.3)

BUNDLED WITH
   1.12.4
